GEM
  remote: https://rubygems.org/
  specs:
    haml (4.0.7)
      tilt
    multi_json (1.12.1)
    puma (3.8.2)
    rack (1.6.5)
    rack-protection (1.5.3)
      rack
    redis (3.3.3)
    sinatra (1.4.8)
      rack (~> 1.5)
      rack-protection (~> 1.4)
      tilt (>= 1.3, < 3)
    sinatra-json (0.1.0)
      multi_json (~> 1.0)
      sinatra (~> 1.0)
    sqlite3 (1.3.13)
    tilt (2.0.7)

PLATFORMS
  ruby

DEPENDENCIES
  haml
  puma
  redis
  sinatra
  sinatra-json
  sqlite3

BUNDLED WITH
   1.14.6
